PATH
  remote: .
  specs:
    ini_file (0.0.2)

GEM
  remote: http://rubygems.org/
  specs:
    diff-lcs (1.2.1)
    fakefs (0.4.2)
    multi_json (1.6.1)
    rake (10.0.3)
    redcarpet (2.2.2)
    rspec (2.13.0)
      rspec-core (~> 2.13.0)
      rspec-expectations (~> 2.13.0)
      rspec-mocks (~> 2.13.0)
    rspec-core (2.13.0)
    rspec-expectations (2.13.0)
      diff-lcs (>= 1.1.3, < 2.0)
    rspec-mocks (2.13.0)
    simplecov (0.7.1)
      multi_json (~> 1.0)
      simplecov-html (~> 0.7.1)
    simplecov-html (0.7.1)
    yard (0.8.5)

PLATFORMS
  java
  ruby

DEPENDENCIES
  bundler
  fakefs
  ini_file!
  rake
  redcarpet
  rspec
  simplecov
  yard
